GEM
  remote: https://rubygems.org/
  specs:
    power_assert (2.0.3)
    rexml (3.2.5)
    rubyzip (2.3.2)
    selenium-webdriver (4.9.1)
      rexml (~> 3.2, >= 3.2.5)
      rubyzip (>= 1.2.2, < 3.0)
      websocket (~> 1.0)
    test-unit (3.5.8)
      power_assert
    websocket (1.2.9)

PLATFORMS
  arm64-darwin-21

DEPENDENCIES
  selenium-webdriver (= 4.9.1)
  test-unit (~> 3.1, >= 3.1.8)

BUNDLED WITH
   2.4.13
